GEM
  remote: https://rubygems.org/
  specs:
    diff-lcs (1.3)
    mini_portile2 (2.8.1)
    nokogiri (1.14.2)
      mini_portile2 (~> 2.8.0)
      racc (~> 1.4)
    nokogiri (1.14.2-x64-mingw32)
      racc (~> 1.4)
    racc (1.6.2)
    rack (3.0.7)
    rspec (3.7.0)
      rspec-core (~> 3.7.0)
      rspec-expectations (~> 3.7.0)
      rspec-mocks (~> 3.7.0)
    rspec-core (3.7.1)
      rspec-support (~> 3.7.0)
    rspec-expectations (3.7.0)
      diff-lcs (>= 1.2.0, < 2.0)
      rspec-support (~> 3.7.0)
    rspec-mocks (3.7.0)
      diff-lcs (>= 1.2.0, < 2.0)
      rspec-support (~> 3.7.0)
    rspec-support (3.7.1)

PLATFORMS
  ruby
  x64-mingw32

DEPENDENCIES
  nokogiri (>= 1.13.9)
  rack (~> 3.0, >= 3.0.0)
  rspec

BUNDLED WITH
   2.1.4
